GEM
  remote: https://rubygems.org/
  specs:
    coderay (1.1.2)
    ethon (0.11.0)
      ffi (>= 1.3.0)
    ffi (1.9.25)
    kramdown (1.17.0)
    method_source (0.9.2)
    mini_portile2 (2.8.0)
    nokogiri (1.13.9)
      mini_portile2 (~> 2.8.0)
      racc (~> 1.4)
    power_assert (1.1.3)
    pry (0.12.2)
      coderay (~> 1.1.0)
      method_source (~> 0.9.0)
    racc (1.6.0)
    test-unit (3.2.9)
      power_assert
    typhoeus (1.3.1)
      ethon (>= 0.9.0)

PLATFORMS
  ruby

DEPENDENCIES
  kramdown!
  nokogiri!
  pry!
  test-unit!
  typhoeus!

BUNDLED WITH
   1.16.3
